GEM
  remote: http://rubygems.org/
  specs:
    POpen4 (0.1.4)
      Platform (>= 0.4.0)
      open4
    Platform (0.4.0)
    animation (0.1.alpha.3)
      compass (>= 0.12.0)
      sass (>= 3.2.0.alpha.95)
    backports (2.5.1)
    chunky_png (1.2.7)
    coderay (1.0.6)
    coffee-script (2.2.0)
      coffee-script-source
      execjs
    coffee-script-source (1.1.3)
    compass (0.12.2)
      chunky_png (~> 1.2)
      fssm (>= 0.2.7)
      sass (~> 3.1)
    eventmachine (0.12.10)
    execjs (1.3.0)
      multi_json (~> 1.0)
    foreman (0.41.0)
      thor (>= 0.13.6)
    fssm (0.2.10)
    haml (3.1.7)
    hike (1.2.1)
    kgio (2.7.4)
    libv8 (3.3.10.4)
    method_source (0.7.1)
    multi_json (1.2.0)
    open4 (1.3.0)
    pry (0.9.8.4)
      coderay (~> 1.0.5)
      method_source (~> 0.7.1)
      slop (>= 2.4.4, < 3)
    pry-doc (0.4.1)
      pry (>= 0.9.0)
      yard (~> 0.7.4)
    rack (1.4.1)
    rack-protection (1.2.0)
      rack
    rack-test (0.6.1)
      rack (>= 1.0)
    raindrops (0.8.0)
    rdiscount (1.6.8)
    sass (3.2.5)
    sinatra (1.3.2)
      rack (~> 1.3, >= 1.3.6)
      rack-protection (~> 1.2)
      tilt (~> 1.3, >= 1.3.3)
    sinatra-contrib (1.3.1)
      backports (>= 2.0)
      eventmachine
      rack-protection
      rack-test
      sinatra (~> 1.3.0)
      tilt (~> 1.3)
    slop (2.4.4)
    sprockets (2.4.0)
      hike (~> 1.2)
      multi_json (~> 1.0)
      rack (~> 1.0)
      tilt (~> 1.1, != 1.3.0)
    sprockets-commonjs (0.0.2)
      sprockets (~> 2.4.0)
    sprockets-helpers (0.3.0)
      sprockets (~> 2.0)
    sprockets-sass (0.7.0)
      sprockets (~> 2.0)
      tilt (~> 1.1)
    therubyracer (0.10.1)
      libv8 (~> 3.3.10)
    thor (0.14.6)
    tilt (1.3.3)
    uglifier (1.2.4)
      execjs (>= 0.3.0)
      multi_json (>= 1.0.2)
    unicorn (4.2.1)
      kgio (~> 2.6)
      rack
      raindrops (~> 0.7)
    yard (0.7.5)
    yui-compressor (0.9.6)
      POpen4 (>= 0.1.4)

PLATFORMS
  ruby

DEPENDENCIES
  animation (~> 0.1.alpha.0)
  coffee-script
  coffee-script-source (= 1.1.3)
  compass
  foreman
  haml
  libv8
  pry
  pry-doc
  rdiscount
  sass
  sinatra
  sinatra-contrib
  sprockets (~> 2.4.0)
  sprockets-commonjs
  sprockets-helpers (~> 0.2)
  sprockets-sass (~> 0.5)
  therubyracer
  uglifier
  unicorn
  yui-compressor
